GEM
  remote: http://rubygems.org/
  specs:
    actionmailer (3.2.11)
      actionpack (= 3.2.11)
      mail (~> 2.4.4)
    actionpack (3.2.11)
      activemodel (= 3.2.11)
      activesupport (= 3.2.11)
      builder (~> 3.0.0)
      erubis (~> 2.7.0)
      journey (~> 1.0.4)
      rack (~> 1.4.0)
      rack-cache (~> 1.2)
      rack-test (~> 0.6.1)
      sprockets (~> 2.2.1)
    activemodel (3.2.11)
      activesupport (= 3.2.11)
      builder (~> 3.0.0)
    activerecord (3.2.11)
      activemodel (= 3.2.11)
      activesupport (= 3.2.11)
      arel (~> 3.0.2)
      tzinfo (~> 0.3.29)
    activeresource (3.2.11)
      activemodel (= 3.2.11)
      activesupport (= 3.2.11)
    activesupport (3.2.11)
      i18n (~> 0.6)
      multi_json (~> 1.0)
    airbrake (3.1.6)
      builder
      girl_friday
    arel (3.0.2)
    builder (3.0.0)
    capistrano (2.14.2)
      highline
      net-scp (>= 1.0.0)
      net-sftp (>= 2.0.0)
      net-ssh (>= 2.0.14)
      net-ssh-gateway (>= 1.1.0)
    chronic (0.9.0)
    coderay (1.0.8)
    configliere (0.4.18)
      highline (>= 1.5.2)
      multi_json (>= 1.1)
    connection_pool (1.0.0)
    erubis (2.7.0)
    fastercsv (1.5.5)
    fattr (2.2.1)
    girl_friday (0.11.2)
      connection_pool (~> 1.0)
      rubinius-actor
    highline (1.6.18)
    hike (1.2.1)
    i18n (0.6.1)
    iconv (1.0.3)
    journey (1.0.4)
    jquery-rails (2.0.3)
      railties (>= 3.1.0, < 5.0)
      thor (~> 0.14)
    json (1.7.6)
    kgio (2.7.4)
    mail (2.4.4)
      i18n (>= 0.4.0)
      mime-types (~> 1.16)
      treetop (~> 1.4.8)
    metaclass (0.0.1)
    mime-types (1.19)
    mocha (0.12.3)
      metaclass (~> 0.0.1)
    multi_json (1.5.0)
    net-ldap (0.3.1)
    net-scp (1.1.0)
      net-ssh (>= 2.6.5)
    net-sftp (2.1.1)
      net-ssh (>= 2.6.5)
    net-ssh (2.6.7)
    net-ssh-gateway (1.2.0)
      net-ssh (>= 2.6.5)
    options (2.3.0)
      fattr
    pg (0.14.1)
    polyglot (0.3.3)
    progress_bar (0.4.0)
      highline (~> 1.6.1)
      options (~> 2.3.0)
    rack (1.4.3)
    rack-cache (1.2)
      rack (>= 0.4)
    rack-openid (1.3.1)
      rack (>= 1.1.0)
      ruby-openid (>= 2.1.8)
    rack-ssl (1.3.2)
      rack
    rack-test (0.6.2)
      rack (>= 1.0)
    rails (3.2.11)
      actionmailer (= 3.2.11)
      actionpack (= 3.2.11)
      activerecord (= 3.2.11)
      activeresource (= 3.2.11)
      activesupport (= 3.2.11)
      bundler (~> 1.0)
      railties (= 3.2.11)
    railties (3.2.11)
      actionpack (= 3.2.11)
      activesupport (= 3.2.11)
      rack-ssl (~> 1.3.2)
      rake (>= 0.8.7)
      rdoc (~> 3.4)
      thor (>= 0.14.6, < 2.0)
    raindrops (0.10.0)
    rake (10.0.3)
    rdoc (3.12)
      json (~> 1.4)
    rmagick (2.13.1)
    rubinius-actor (0.0.2)
      rubinius-core-api
    rubinius-core-api (0.0.1)
    ruby-openid (2.1.8)
    russian (0.6.0)
      i18n (>= 0.5.0)
    rvm-capistrano (1.2.7)
      capistrano (>= 2.0.0)
    shoulda (2.11.3)
    sprockets (2.2.2)
      hike (~> 1.2)
      multi_json (~> 1.0)
      rack (~> 1.0)
      tilt (~> 1.1, != 1.3.0)
    thor (0.16.0)
    tilt (1.3.3)
    treetop (1.4.12)
      polyglot
      polyglot (>= 0.3.1)
    tzinfo (0.3.35)
    unicorn (4.5.0)
      kgio (~> 2.6)
      rack
      raindrops (~> 0.7)
    validates_email_format_of (1.5.3)
    whenever (0.8.2)
      activesupport (>= 2.3.4)
      chronic (>= 0.6.3)
    yard (0.8.3)

PLATFORMS
  ruby

DEPENDENCIES
  airbrake
  builder (= 3.0.0)
  capistrano (~> 2.14.1)
  coderay (~> 1.0.6)
  configliere
  fastercsv (~> 1.5.0)
  i18n (~> 0.6.0)
  iconv (~> 1.0.3)
  jquery-rails (~> 2.0.2)
  mocha (= 0.12.3)
  net-ldap
  pg (>= 0.11.0)
  progress_bar
  rack-openid
  rails (= 3.2.11)
  rdoc (>= 2.4.2)
  rmagick (>= 2.0.0)
  ruby-openid (~> 2.1.4)
  russian
  rvm-capistrano
  shoulda (~> 2.11)
  unicorn
  validates_email_format_of
  whenever
  yard
